GEM
  remote: https://rubygems.org/
  specs:
    dotenv (2.1.1)
    mail (2.6.4)
      mime-types (>= 1.16, < 4)
    mime-types (3.1)
      mime-types-data (~> 3.2015)
    mime-types-data (3.2016.0521)

PLATFORMS
  ruby

DEPENDENCIES
  dotenv
  mail
